GEM
  remote: https://rubygems.org/
  specs:
    actioncable (6.0.3.4)
      actionpack (= 6.0.3.4)
      nio4r (~> 2.0)
      websocket-driver (>= 0.6.1)
    actionmailbox (6.0.3.4)
      actionpack (= 6.0.3.4)
      activejob (= 6.0.3.4)
      activerecord (= 6.0.3.4)
      activestorage (= 6.0.3.4)
      activesupport (= 6.0.3.4)
      mail (>= 2.7.1)
    actionmailer (6.0.3.4)
      actionpack (= 6.0.3.4)
      actionview (= 6.0.3.4)
      activejob (= 6.0.3.4)
      mail (~> 2.5, >= 2.5.4)
      rails-dom-testing (~> 2.0)
    actionpack (6.0.3.4)
      actionview (= 6.0.3.4)
      activesupport (= 6.0.3.4)
      rack (~> 2.0, >= 2.0.8)
      rack-test (>= 0.6.3)
      rails-dom-testing (~> 2.0)
      rails-html-sanitizer (~> 1.0, >= 1.2.0)
    actiontext (6.0.3.4)
      actionpack (= 6.0.3.4)
      activerecord (= 6.0.3.4)
      activestorage (= 6.0.3.4)
      activesupport (= 6.0.3.4)
      nokogiri (>= 1.8.5)
    actionview (6.0.3.4)
      activesupport (= 6.0.3.4)
      builder (~> 3.1)
      erubi (~> 1.4)
      rails-dom-testing (~> 2.0)
      rails-html-sanitizer (~> 1.1, >= 1.2.0)
    activejob (6.0.3.4)
      activesupport (= 6.0.3.4)
      globalid (>= 0.3.6)
    activemodel (6.0.3.4)
      activesupport (= 6.0.3.4)
    activerecord (6.0.3.4)
      activemodel (= 6.0.3.4)
      activesupport (= 6.0.3.4)
    activestorage (6.0.3.4)
      actionpack (= 6.0.3.4)
      activejob (= 6.0.3.4)
      activerecord (= 6.0.3.4)
      marcel (~> 0.3.1)
    activesupport (6.0.3.4)
      concurrent-ruby (~> 1.0, >= 1.0.2)
      i18n (>= 0.7, < 2)
      minitest (~> 5.1)
      tzinfo (~> 1.1)
      zeitwerk (~> 2.2, >= 2.2.2)
    airrecord (1.0.5)
      faraday (>= 0.10, < 2.0)
      net-http-persistent (>= 2.9)
    builder (3.2.4)
    concurrent-ruby (1.1.7)
    connection_pool (2.2.3)
    crass (1.0.6)
    erubi (1.9.0)
    faraday (1.1.0)
      multipart-post (>= 1.2, < 3)
      ruby2_keywords
    ffi (1.14.1)
    globalid (0.4.2)
      activesupport (>= 4.2.0)
    haml (5.2.1)
      temple (>= 0.8.0)
      tilt
    i18n (1.8.5)
      concurrent-ruby (~> 1.0)
    inline_svg (1.7.2)
      activesupport (>= 3.0)
      nokogiri (>= 1.6)
    loofah (2.7.0)
      crass (~> 1.0.2)
      nokogiri (>= 1.5.9)
    mail (2.7.1)
      mini_mime (>= 0.1.1)
    marcel (0.3.3)
      mimemagic (~> 0.3.2)
    method_source (1.0.0)
    mimemagic (0.3.5)
    mini_mime (1.0.2)
    mini_portile2 (2.4.0)
    minitest (5.14.2)
    multipart-post (2.1.1)
    net-http-persistent (4.0.0)
      connection_pool (~> 2.2)
    nio4r (2.5.4)
    nokogiri (1.10.10)
      mini_portile2 (~> 2.4.0)
    puma (4.3.6)
      nio4r (~> 2.0)
    rack (2.2.3)
    rack-test (1.1.0)
      rack (>= 1.0, < 3)
    rails (6.0.3.4)
      actioncable (= 6.0.3.4)
      actionmailbox (= 6.0.3.4)
      actionmailer (= 6.0.3.4)
      actionpack (= 6.0.3.4)
      actiontext (= 6.0.3.4)
      actionview (= 6.0.3.4)
      activejob (= 6.0.3.4)
      activemodel (= 6.0.3.4)
      activerecord (= 6.0.3.4)
      activestorage (= 6.0.3.4)
      activesupport (= 6.0.3.4)
      bundler (>= 1.3.0)
      railties (= 6.0.3.4)
      sprockets-rails (>= 2.0.0)
    rails-dom-testing (2.0.3)
      activesupport (>= 4.2.0)
      nokogiri (>= 1.6)
    rails-html-sanitizer (1.3.0)
      loofah (~> 2.3)
    rails_12factor (0.0.3)
      rails_serve_static_assets
      rails_stdout_logging
    rails_serve_static_assets (0.0.5)
    rails_stdout_logging (0.0.5)
    railties (6.0.3.4)
      actionpack (= 6.0.3.4)
      activesupport (= 6.0.3.4)
      method_source
      rake (>= 0.8.7)
      thor (>= 0.20.3, < 2.0)
    rake (13.0.1)
    redcarpet (3.5.0)
    ruby2_keywords (0.0.2)
    sass-rails (6.0.0)
      sassc-rails (~> 2.1, >= 2.1.1)
    sassc (2.4.0)
      ffi (~> 1.9)
    sassc-rails (2.1.2)
      railties (>= 4.0.0)
      sassc (>= 2.0)
      sprockets (> 3.0)
      sprockets-rails
      tilt
    sprockets (4.0.2)
      concurrent-ruby (~> 1.0)
      rack (> 1, < 3)
    sprockets-rails (3.2.2)
      actionpack (>= 4.0)
      activesupport (>= 4.0)
      sprockets (>= 3.0.0)
    temple (0.8.2)
    thor (1.0.1)
    thread_safe (0.3.6)
    tilt (2.0.10)
    tzinfo (1.2.7)
      thread_safe (~> 0.1)
    websocket-driver (0.7.3)
      websocket-extensions (>= 0.1.0)
    websocket-extensions (0.1.5)
    zeitwerk (2.4.1)

PLATFORMS
  ruby

DEPENDENCIES
  airrecord
  haml
  inline_svg
  puma (~> 4.1)
  rails (~> 6.0.3)
  rails_12factor
  redcarpet
  sass-rails
  tzinfo-data

RUBY VERSION
   ruby 2.5.1p57

BUNDLED WITH
   2.2.4
